GEM
  remote: https://rubygems.org/
  specs:
    activemodel (6.0.0)
      activesupport (= 6.0.0)
    activerecord (6.0.0)
      activemodel (= 6.0.0)
      activesupport (= 6.0.0)
    activesupport (6.0.0)
      concurrent-ruby (~> 1.0, >= 1.0.2)
      i18n (>= 0.7, < 2)
      minitest (~> 5.1)
      tzinfo (~> 1.1)
      zeitwerk (~> 2.1, >= 2.1.8)
    chronic (0.10.2)
    concurrent-ruby (1.1.5)
    eventmachine (1.2.7)
    faraday (0.15.4)
      multipart-post (>= 1.2, < 3)
    faraday_middleware (0.13.1)
      faraday (>= 0.7.4, < 1.0)
    faye-websocket (0.10.9)
      eventmachine (>= 0.12.0)
      websocket-driver (>= 0.5.1)
    gli (2.18.2)
    hashie (3.6.0)
    i18n (1.6.0)
      concurrent-ruby (~> 1.0)
    minitest (5.11.3)
    mobb (0.5.1)
      parse-cron (~> 0.1)
      repp (~> 0.4)
      whenever (~> 0.10)
    multipart-post (2.1.1)
    parse-cron (0.1.4)
    pg (1.1.4)
    rake (12.3.3)
    repp (0.4.0)
      concurrent-ruby (~> 1.0)
      eventmachine (~> 1.2)
      faye-websocket (~> 0.10)
      slack-ruby-client (~> 0.11)
    slack-ruby-client (0.14.4)
      activesupport
      faraday (>= 0.9)
      faraday_middleware
      gli
      hashie
      websocket-driver
    sqlite3 (1.4.1)
    thread_safe (0.3.6)
    tzinfo (1.2.5)
      thread_safe (~> 0.1)
    websocket-driver (0.7.1)
      websocket-extensions (>= 0.1.0)
    websocket-extensions (0.1.4)
    whenever (0.11.0)
      chronic (>= 0.6.3)
    zeitwerk (2.1.9)

PLATFORMS
  ruby

DEPENDENCIES
  activerecord
  mobb
  pg
  rake
  repp
  slack-ruby-client
  sqlite3

RUBY VERSION
   ruby 2.6.3p62

BUNDLED WITH
   1.17.2
